GIT
  remote: https://github.com/railsjedi/terminitor.git
  revision: eb1ad4fab8cecbffc012d63afd205ca592878aaf
  specs:
    terminitor (0.6.1)
      rb-appscript (~> 0.6.1)
      thor (>= 0.14.0)

GEM
  remote: https://rubygems.org/
  specs:
    activesupport (3.2.9)
      i18n (~> 0.6)
      multi_json (~> 1.0)
    addressable (2.3.2)
    bourbon (2.1.2)
      sass (>= 3.2)
      thor
    builder (3.1.4)
    chunky_png (1.2.6)
    coderay (1.0.8)
    coffee-script (2.2.0)
      coffee-script-source
      execjs
    coffee-script-source (1.3.3)
    columnize (0.3.6)
    compass (0.12.2)
      chunky_png (~> 1.2)
      fssm (>= 0.2.7)
      sass (~> 3.1)
    debugger (1.2.4)
      columnize (>= 0.3.1)
      debugger-linecache (~> 1.1.1)
      debugger-ruby_core_source (~> 1.1.7)
    debugger-linecache (1.1.2)
      debugger-ruby_core_source (>= 1.1.1)
    debugger-ruby_core_source (1.1.7)
    em-websocket (0.3.8)
      addressable (>= 2.1.1)
      eventmachine (>= 0.12.9)
    eventmachine (1.0.0)
    execjs (1.4.0)
      multi_json (~> 1.0)
    faraday (0.8.4)
      multipart-post (~> 1.1)
    faraday_middleware (0.9.0)
      faraday (>= 0.7.4, < 0.9)
    ffi (1.1.5)
    fssm (0.2.9)
    git (1.2.5)
    guard (1.5.4)
      listen (>= 0.4.2)
      lumberjack (>= 1.0.2)
      pry (>= 0.9.10)
      thor (>= 0.14.6)
    guard-coffeescript (1.2.1)
      coffee-script (>= 2.2.0)
      guard (>= 1.1.0)
    guard-livereload (1.1.2)
      em-websocket (>= 0.2.0)
      guard (>= 1.5.0)
      multi_json (~> 1.0)
    guard-shell (0.5.1)
      guard (>= 1.1.0)
    haml (3.1.7)
    handlebars_assets (0.7.0)
      execjs (>= 1.2.9)
      sprockets (>= 2.0.3)
      tilt
    hashie (1.2.0)
    hike (1.2.1)
    http_router (0.10.2)
      rack (>= 1.0.0)
      url_mount (~> 0.2.1)
    i18n (0.6.1)
    json (1.7.6)
    listen (0.5.3)
    lumberjack (1.0.2)
    maruku (0.6.1)
      syntax (>= 1.0.0)
    method_source (0.8.1)
    middleman (3.0.6)
      middleman-core (= 3.0.6)
      middleman-more (= 3.0.6)
      middleman-sprockets (~> 3.0.2)
    middleman-blog (3.1.1)
      maruku (~> 0.6.0)
      middleman-core (~> 3.0.1)
      tzinfo (~> 0.3.0)
    middleman-bourbon (0.0.2)
      bourbon (>= 2.1.0)
    middleman-core (3.0.6)
      activesupport (~> 3.2.6)
      bundler (~> 1.1)
      listen (~> 0.5.2)
      rack (~> 1.4.1)
      rack-test (~> 0.6.1)
      rb-fsevent (~> 0.9.1)
      rb-inotify (~> 0.8.8)
      thor (~> 0.15.4)
      tilt (~> 1.3.1)
    middleman-deploy (0.0.7)
      git (~> 1.2.0)
      middleman-core (>= 3.0.0)
      ptools
    middleman-more (3.0.6)
      coffee-script (~> 2.2.0)
      coffee-script-source (~> 1.3.3)
      compass (>= 0.12.2)
      execjs (~> 1.4.0)
      haml (>= 3.1.6)
      i18n (~> 0.6.0)
      maruku (~> 0.6.0)
      middleman-core (= 3.0.6)
      padrino-helpers (= 0.10.7)
      sass (>= 3.1.20)
      uglifier (~> 1.2.6)
    middleman-sprockets (3.0.4)
      middleman-more (~> 3.0.1)
      sprockets (~> 2.1, < 2.5)
      sprockets-sass (~> 0.8.0)
    multi_json (1.4.0)
    multipart-post (1.1.5)
    netrc (0.7.7)
    octokit (1.22.0)
      addressable (~> 2.2)
      faraday (~> 0.8)
      faraday_middleware (~> 0.9)
      hashie (~> 1.2)
      multi_json (~> 1.3)
      netrc (~> 0.7.7)
    padrino-core (0.10.7)
      activesupport (~> 3.2.0)
      http_router (~> 0.10.2)
      sinatra (~> 1.3.1)
      thor (~> 0.15.2)
      tilt (~> 1.3.0)
    padrino-helpers (0.10.7)
      i18n (~> 0.6)
      padrino-core (= 0.10.7)
    pry (0.9.10)
      coderay (~> 1.0.5)
      method_source (~> 0.8)
      slop (~> 3.3.1)
    ptools (1.2.2)
    rack (1.4.1)
    rack-livereload (0.3.8)
      rack
    rack-protection (1.2.0)
      rack
    rack-test (0.6.2)
      rack (>= 1.0)
    rake (0.9.2.2)
    rb-appscript (0.6.1)
    rb-fsevent (0.9.2)
    rb-inotify (0.8.8)
      ffi (>= 0.5.0)
    redcarpet (1.17.2)
    sass (3.2.5)
    sinatra (1.3.3)
      rack (~> 1.3, >= 1.3.6)
      rack-protection (~> 1.2)
      tilt (~> 1.3, >= 1.3.3)
    slop (3.3.3)
    sprockets (2.4.5)
      hike (~> 1.2)
      multi_json (~> 1.0)
      rack (~> 1.0)
      tilt (~> 1.1, != 1.3.0)
    sprockets-sass (0.8.0)
      sprockets (~> 2.0)
      tilt (~> 1.1)
    syntax (1.0.0)
    thor (0.15.4)
    tilt (1.3.3)
    tzinfo (0.3.35)
    uglifier (1.2.7)
      execjs (>= 0.3.0)
      multi_json (~> 1.3)
    url_mount (0.2.1)
      rack

PLATFORMS
  ruby

DEPENDENCIES
  activesupport
  builder
  debugger
  guard (>= 1.0.0)
  guard-coffeescript (>= 0.4.0)
  guard-livereload (>= 0.4.0)
  guard-shell
  handlebars_assets
  json
  middleman (>= 3.0.6)
  middleman-blog
  middleman-bourbon
  middleman-deploy
  octokit
  rack-livereload (>= 0.3.4)
  rake
  redcarpet (~> 1.17.2)
  terminitor (>= 0.6.0)!
